GEM
  remote: https://rubygems.org/
  specs:
    nio4r (2.7.4)
    puma (6.6.1)
      nio4r (~> 2.0)
    rack (3.2.0)

PLATFORMS
  ruby
  x86_64-linux

DEPENDENCIES
  puma (~> 6.4)
  rack (~> 3.0)

BUNDLED WITH
   2.6.9
